GEM
  remote: https://rubygems.org/
  specs:
    emoji (1.0.5)
      json
    escape_utils (1.2.1)
    json (1.8.3)
    rack (1.6.4)
    rack-protection (1.5.3)
      rack
    sinatra (1.4.7)
      rack (~> 1.5)
      rack-protection (~> 1.4)
      tilt (>= 1.3, < 3)
    tilt (2.0.4)

PLATFORMS
  ruby

DEPENDENCIES
  emoji
  escape_utils
  sinatra

BUNDLED WITH
   1.11.2
